PATH
  remote: .
  specs:
    gosu_enhanced (0.4.2)
      gosu (~> 0.10.4)

GEM
  remote: https://rubygems.org/
  specs:
    gosu (0.10.4)
    minitest (5.8.3)
    rake (10.4.2)

PLATFORMS
  ruby

DEPENDENCIES
  bundler (~> 1.11)
  gosu_enhanced!
  minitest (~> 5.8)
  rake (~> 10.0)

BUNDLED WITH
   1.11.2
