PATH
  remote: .
  specs:
    gosu_enhanced (0.2.0)
      gosu (~> 0.7)

GEM
  remote: https://rubygems.org/
  specs:
    coderay (1.1.0)
    diff-lcs (1.2.5)
    gosu (0.7.50)
    method_source (0.8.2)
    pry (0.9.12.6)
      coderay (~> 1.0)
      method_source (~> 0.8)
      slop (~> 3.4)
    rake (0.9.2.2)
    rspec (2.14.1)
      rspec-core (~> 2.14.0)
      rspec-expectations (~> 2.14.0)
      rspec-mocks (~> 2.14.0)
    rspec-core (2.14.8)
    rspec-expectations (2.14.5)
      diff-lcs (>= 1.1.3, < 2.0)
    rspec-mocks (2.14.6)
    rspec-nc (0.0.6)
      rspec (~> 2.9)
      terminal-notifier (~> 1.4.2)
    slop (3.5.0)
    terminal-notifier (1.4.2)

PLATFORMS
  ruby

DEPENDENCIES
  bundler (~> 1.6)
  gosu_enhanced!
  pry (~> 0.9)
  rake (~> 0.9)
  rspec (~> 2.0)
  rspec-nc (~> 0.0)
