PATH
  remote: .
  specs:
    gosu_enhanced (0.4.1)
      gosu (~> 0.10)

GEM
  remote: https://rubygems.org/
  specs:
    coderay (1.1.0)
    diff-lcs (1.2.5)
    gosu (0.10.1.2)
    method_source (0.8.2)
    pry (0.10.0)
      coderay (~> 1.1.0)
      method_source (~> 0.8.1)
      slop (~> 3.4)
    rake (10.4.2)
    rspec (3.0.0)
      rspec-core (~> 3.0.0)
      rspec-expectations (~> 3.0.0)
      rspec-mocks (~> 3.0.0)
    rspec-core (3.0.2)
      rspec-support (~> 3.0.0)
    rspec-expectations (3.0.2)
      diff-lcs (>= 1.2.0, < 2.0)
      rspec-support (~> 3.0.0)
    rspec-mocks (3.0.2)
      rspec-support (~> 3.0.0)
    rspec-nc (0.2.0)
      rspec (>= 2.9)
      terminal-notifier (>= 1.4)
    rspec-support (3.0.2)
    slop (3.5.0)
    terminal-notifier (1.6.3)

PLATFORMS
  ruby

DEPENDENCIES
  bundler (~> 1.10)
  gosu_enhanced!
  pry (~> 0.10)
  rake (~> 10.0)
  rspec (~> 3.0)
  rspec-nc (~> 0.2)

BUNDLED WITH
   1.10.6
