PATH
  remote: .
  specs:
    gosu_enhanced (0.4.5)
      gosu (~> 0.14.5)

GEM
  remote: https://rubygems.org/
  specs:
    gosu (0.14.5)
    minitest (5.8.3)
    rake (13.0.1)

PLATFORMS
  ruby

DEPENDENCIES
  bundler (~> 1.11)
  gosu_enhanced!
  minitest (~> 5.8)
  rake (~> 13.0)

BUNDLED WITH
   1.17.2
