PATH
  remote: .
  specs:
    gosu_enhanced (0.4.2)
      gosu (~> 0.10)

GEM
  remote: https://rubygems.org/
  specs:
    gosu (0.10.1.2)
    minitest (5.8.0)
    rake (10.4.2)

PLATFORMS
  ruby

DEPENDENCIES
  bundler (~> 1.10)
  gosu_enhanced!
  minitest (~> 5.8)
  rake (~> 10.0)

BUNDLED WITH
   1.10.6
